GIT
  remote: https://github.com/JoshCheek/seeing_is_believing.git
  revision: 5d54f66b53072cd5ab9dbca92b7dcfc8b97cdb41
  specs:
    seeing_is_believing (0.0.10)

GEM
  remote: http://rubygems.org/
  specs:
    chunky_png (1.2.5)
    compass (0.11.5)
      chunky_png (~> 1.2)
      fssm (>= 0.2.7)
      sass (~> 3.1)
    ffi (1.0.10)
    fssm (0.2.7)
    guard (0.8.7)
      thor (~> 0.14.6)
    guard-shell (0.1.1)
      guard (>= 0.2.0)
    htmlentities (4.2.3)
    minitest (2.11.1)
    mocha (0.9.10)
      rake
    qtbindings (4.6.3.4)
    r18n-core (1.0.0)
    r18n-desktop (1.0.0)
      r18n-core (= 1.0.0)
    rake (0.8.7)
    rb-fchange (0.0.5)
      ffi
    rb-fsevent (0.9.3)
    rb-inotify (0.8.8)
      ffi (>= 0.5.0)
    rubywarrior-i18n (0.0.3)
      r18n-desktop (= 1.0.0)
    sass (3.1.12)
    thor (0.14.6)

PLATFORMS
  ruby

DEPENDENCIES
  compass
  guard
  guard-shell
  htmlentities
  minitest
  mocha
  qtbindings
  rake (= 0.8.7)
  rb-fchange
  rb-fsevent (>= 0.9.3)
  rb-inotify
  rubywarrior-i18n
  seeing_is_believing!
